PATH
  remote: .
  specs:
    shiplane (0.2.21)
      dotenv (~> 2.1, >= 2.1.1)
      facets (~> 3.1, >= 3.1.0)
      rake (~> 13.0, >= 12.0.0)
      shiplane_bootstrappers_chef (= 0.2.21)
      shiplane_deployers_capistrano_docker (= 0.2.21)

PATH
  remote: bootstrappers/chef
  specs:
    shiplane_bootstrappers_chef (0.2.21)
      airbrussh (~> 1.1, >= 1.1.1)
      capistrano (~> 3.7, >= 3.7.1)

PATH
  remote: deployers/capistrano_docker
  specs:
    shiplane_deployers_capistrano_docker (0.2.21)
      airbrussh (~> 1.1, >= 1.1.1)
      capistrano (~> 3.7, >= 3.7.1)

GEM
  remote: https://rubygems.org/
  specs:
    airbrussh (1.4.0)
      sshkit (>= 1.6.1, != 1.7.0)
    capistrano (3.17.0)
      airbrussh (>= 1.0.0)
      i18n
      rake (>= 10.0.0)
      sshkit (>= 1.9.0)
    concurrent-ruby (1.1.10)
    dotenv (2.7.6)
    facets (3.1.0)
    gem-release (2.2.2)
    i18n (1.10.0)
      concurrent-ruby (~> 1.0)
    net-scp (3.0.0)
      net-ssh (>= 2.6.5, < 7.0.0)
    net-ssh (6.1.0)
    rake (13.0.6)
    sshkit (1.21.2)
      net-scp (>= 1.1.2)
      net-ssh (>= 2.8.0)

PLATFORMS
  ruby

DEPENDENCIES
  gem-release (~> 2.2.1, >= 2.0.4)
  shiplane!
  shiplane_bootstrappers_chef!
  shiplane_deployers_capistrano_docker!

BUNDLED WITH
   1.17.2
