PATH
  remote: .
  specs:
    shiplane (0.2.28)
      dotenv (~> 2.1, >= 2.1.1)
      facets (~> 3.1, >= 3.1.0)
      rake (~> 13.0, >= 12.0.0)
      shiplane_bootstrappers_chef (= 0.2.28)
      shiplane_deployers_capistrano_docker (= 0.2.28)

PATH
  remote: bootstrappers/chef
  specs:
    shiplane_bootstrappers_chef (0.2.28)
      airbrussh (~> 1.1, >= 1.1.1)
      capistrano (~> 3.7, >= 3.7.1)

PATH
  remote: deployers/capistrano_docker
  specs:
    shiplane_deployers_capistrano_docker (0.2.28)
      airbrussh (~> 1.1, >= 1.1.1)
      capistrano (~> 3.7, >= 3.7.1)

GEM
  remote: https://rubygems.org/
  specs:
    airbrussh (1.5.3)
      sshkit (>= 1.6.1, != 1.7.0)
    base64 (0.2.0)
    capistrano (3.19.2)
      airbrussh (>= 1.0.0)
      i18n
      rake (>= 10.0.0)
      sshkit (>= 1.9.0)
    concurrent-ruby (1.3.4)
    dotenv (2.8.1)
    facets (3.1.0)
    gem-release (2.2.2)
    i18n (1.14.6)
      concurrent-ruby (~> 1.0)
    net-scp (4.0.0)
      net-ssh (>= 2.6.5, < 8.0.0)
    net-sftp (4.0.0)
      net-ssh (>= 5.0.0, < 8.0.0)
    net-ssh (7.3.0)
    ostruct (0.6.1)
    rake (13.2.1)
    sshkit (1.23.2)
      base64
      net-scp (>= 1.1.2)
      net-sftp (>= 2.1.2)
      net-ssh (>= 2.8.0)
      ostruct

PLATFORMS
  ruby

DEPENDENCIES
  gem-release (~> 2.2.1, >= 2.0.4)
  shiplane!
  shiplane_bootstrappers_chef!
  shiplane_deployers_capistrano_docker!

BUNDLED WITH
   1.17.2
