PATH
  remote: .
  specs:
    shiplane (0.1.1)
      dotenv (~> 2.1, >= 2.1.1)
      facets (~> 3.1, >= 3.1.0)
      rake (~> 12.0, >= 12.0.0)
      shiplane_bootstrappers_chef (= 0.1.1)
      shiplane_deployers_capistrano_docker (= 0.1.1)

PATH
  remote: bootstrappers/chef
  specs:
    shiplane_bootstrappers_chef (0.1.1)
      airbrussh (~> 1.1, >= 1.1.1)
      berkshelf (~> 5.6, >= 5.6.5)
      capistrano (~> 3.7, >= 3.7.1)

PATH
  remote: deployers/capistrano_docker
  specs:
    shiplane_deployers_capistrano_docker (0.1.1)
      airbrussh (~> 1.1, >= 1.1.1)
      capistrano (~> 3.7, >= 3.7.1)

GEM
  remote: https://rubygems.org/
  specs:
    addressable (2.5.2)
      public_suffix (>= 2.0.2, < 4.0)
    airbrussh (1.3.1)
      sshkit (>= 1.6.1, != 1.7.0)
    berkshelf (5.6.5)
      addressable (~> 2.3, >= 2.3.4)
      berkshelf-api-client (>= 2.0.2, < 4.0)
      buff-config (~> 2.0)
      buff-extensions (~> 2.0)
      buff-shell_out (~> 1.0)
      cleanroom (~> 1.0)
      faraday (~> 0.9)
      httpclient (~> 2.7)
      minitar (~> 0.5, >= 0.5.4)
      mixlib-archive (~> 0.4)
      octokit (~> 4.0)
      retryable (~> 2.0)
      ridley (~> 5.0)
      solve (> 2.0, < 4.0)
      thor (~> 0.19, < 0.19.2)
    berkshelf-api-client (3.0.0)
      faraday (~> 0.9)
      httpclient (~> 2.7)
      ridley (>= 4.5, < 6.0)
    buff-config (2.0.0)
      buff-extensions (~> 2.0)
      varia_model (~> 0.6)
    buff-extensions (2.0.0)
    buff-ignore (1.2.0)
    buff-ruby_engine (1.0.0)
    buff-shell_out (1.1.0)
      buff-ruby_engine (~> 1.0)
    capistrano (3.11.0)
      airbrussh (>= 1.0.0)
      i18n
      rake (>= 10.0.0)
      sshkit (>= 1.9.0)
    celluloid (0.16.0)
      timers (~> 4.0.0)
    celluloid-io (0.16.2)
      celluloid (>= 0.16.0)
      nio4r (>= 1.1.0)
    chef-config (14.11.21)
      addressable
      fuzzyurl
      mixlib-config (>= 2.2.12, < 3.0)
      mixlib-shellout (~> 2.0)
      tomlrb (~> 1.2)
    cleanroom (1.0.0)
    concurrent-ruby (1.1.5)
    dotenv (2.7.2)
    erubis (2.7.0)
    facets (3.1.0)
    faraday (0.15.4)
      multipart-post (>= 1.2, < 3)
    fuzzyurl (0.9.0)
    hashie (3.6.0)
    hitimes (1.3.1)
    httpclient (2.8.3)
    i18n (1.6.0)
      concurrent-ruby (~> 1.0)
    json (2.2.0)
    minitar (0.8)
    mixlib-archive (0.4.20)
      mixlib-log
    mixlib-authentication (2.1.1)
    mixlib-config (2.2.18)
      tomlrb
    mixlib-log (3.0.1)
    mixlib-shellout (2.4.4)
    molinillo (0.6.6)
    multipart-post (2.0.0)
    net-scp (2.0.0)
      net-ssh (>= 2.6.5, < 6.0.0)
    net-ssh (5.2.0)
    nio4r (2.3.1)
    octokit (4.14.0)
      sawyer (~> 0.8.0, >= 0.5.3)
    public_suffix (3.0.3)
    rake (12.3.2)
    retryable (2.0.4)
    ridley (5.1.1)
      addressable
      buff-config (~> 2.0)
      buff-extensions (~> 2.0)
      buff-ignore (~> 1.2)
      buff-shell_out (~> 1.0)
      celluloid (~> 0.16.0)
      celluloid-io (~> 0.16.1)
      chef-config (>= 12.5.0)
      erubis
      faraday (~> 0.9)
      hashie (>= 2.0.2, < 4.0.0)
      httpclient (~> 2.7)
      json (>= 1.7.7)
      mixlib-authentication (>= 1.3.0)
      retryable (~> 2.0)
      semverse (~> 2.0)
      varia_model (~> 0.6)
    sawyer (0.8.1)
      addressable (>= 2.3.5, < 2.6)
      faraday (~> 0.8, < 1.0)
    semverse (2.0.0)
    solve (3.1.1)
      molinillo (>= 0.5)
      semverse (>= 1.1, < 3.0)
    sshkit (1.18.2)
      net-scp (>= 1.1.2)
      net-ssh (>= 2.8.0)
    thor (0.19.1)
    timers (4.0.4)
      hitimes
    tomlrb (1.2.8)
    varia_model (0.6.0)
      buff-extensions (~> 2.0)
      hashie (>= 2.0.2, < 4.0.0)

PLATFORMS
  ruby

DEPENDENCIES
  shiplane!
  shiplane_bootstrappers_chef!
  shiplane_deployers_capistrano_docker!

RUBY VERSION
   ruby 2.5.1p57

BUNDLED WITH
   1.16.2
